PATH
  remote: .
  specs:
    ginsu (0.0.1)

GEM
  remote: https://rubygems.org/
  specs:
    coderay (1.1.1)
    method_source (0.8.2)
    pry (0.10.3)
      coderay (~> 1.1.0)
      method_source (~> 0.8.1)
      slop (~> 3.4)
    rake (10.5.0)
    slop (3.6.0)

PLATFORMS
  ruby

DEPENDENCIES
  bundler (~> 1.11)
  ginsu!
  pry (~> 0.10.3)
  rake (~> 10.0)

BUNDLED WITH
   1.11.2
