PATH
  remote: .
  specs:
    ginsu (0.0.1)
      toml-rb (~> 0.3.14)

GEM
  remote: https://rubygems.org/
  specs:
    citrus (3.0.2)
    coderay (1.1.1)
    docile (1.1.5)
    json (1.8.3)
    method_source (0.8.2)
    minitest (5.8.4)
    pry (0.10.3)
      coderay (~> 1.1.0)
      method_source (~> 0.8.1)
      slop (~> 3.4)
    rake (10.5.0)
    simplecov (0.11.2)
      docile (~> 1.1.0)
      json (~> 1.8)
      simplecov-html (~> 0.10.0)
    simplecov-html (0.10.0)
    slop (3.6.0)
    toml-rb (0.3.14)
      citrus (~> 3.0, > 3.0)

PLATFORMS
  ruby

DEPENDENCIES
  bundler (~> 1.11)
  ginsu!
  minitest (~> 5.8.4)
  pry (~> 0.10.3)
  rake (~> 10.0)
  simplecov (~> 0.11.2)

BUNDLED WITH
   1.12.3
